GIT
  remote: https://github.com/ActsAsParanoid/acts_as_paranoid.git
  revision: ddcd1915179c73f74985af6bc8935321ca2fe08d
  specs:
    acts_as_paranoid (0.5.0.beta1)
      activerecord (~> 4.0)
      activesupport (~> 4.0)

GIT
  remote: https://github.com/Hainish/chartkick.git
  revision: c2f78461560b9096039fbf719da7c23ab3767afc
  branch: chart.js
  specs:
    chartkick (1.3.2)

GIT
  remote: https://github.com/sinak/s3_cors_fileupload
  revision: d5e1482873c72902c3894fa9d5c5cb385a9a72b2
  specs:
    s3_cors_fileupload (0.4.0.beta1)
      aws-s3 (~> 0.6)
      multi_json (~> 1.0)
      rails (>= 3.1, < 5.0)

GIT
  remote: https://github.com/steveklabnik/sunlight-congress
  revision: a3c55e89c3f18adaaaf56606f19fbd1872d62bc2
  specs:
    sunlight-congress (1.1.0)

GEM
  remote: https://rubygems.org/
  remote: https://rails-assets.org/
  specs:
    actionmailer (4.1.10)
      actionpack (= 4.1.10)
      actionview (= 4.1.10)
      mail (~> 2.5, >= 2.5.4)
    actionpack (4.1.10)
      actionview (= 4.1.10)
      activesupport (= 4.1.10)
      rack (~> 1.5.2)
      rack-test (~> 0.6.2)
    actionview (4.1.10)
      activesupport (= 4.1.10)
      builder (~> 3.1)
      erubis (~> 2.7.0)
    activemodel (4.1.10)
      activesupport (= 4.1.10)
      builder (~> 3.1)
    activerecord (4.1.10)
      activemodel (= 4.1.10)
      activesupport (= 4.1.10)
      arel (~> 5.0.0)
    activesupport (4.1.10)
      i18n (~> 0.6, >= 0.6.9)
      json (~> 1.7, >= 1.7.7)
      minitest (~> 5.1)
      thread_safe (~> 0.1)
      tzinfo (~> 1.1)
    addressable (2.3.6)
    ahoy_matey (1.0.2)
      addressable
      browser (>= 0.4.0)
      geocoder
      referer-parser
      request_store
      user_agent_parser
      uuidtools
    arel (5.0.1.20140414130214)
    aws-s3 (0.6.3)
      builder
      mime-types
      xml-simple
    aws-sdk (1.53.0)
      aws-sdk-v1 (= 1.53.0)
    aws-sdk-v1 (1.53.0)
      json (~> 1.4)
      nokogiri (>= 1.4.4)
    bcrypt (3.1.7)
    better_errors (2.0.0)
      coderay (>= 1.0.0)
      erubis (>= 2.6.6)
      rack (>= 0.9.0)
    binding_of_caller (0.7.2)
      debug_inspector (>= 0.0.1)
    bourbon (3.2.3)
      sass (~> 3.2)
      thor
    browser (0.7.0)
    builder (3.2.2)
    capybara (2.5.0)
      mime-types (>= 1.16)
      nokogiri (>= 1.3.3)
      rack (>= 1.0.0)
      rack-test (>= 0.5.4)
      xpath (~> 2.0)
    childprocess (0.5.8)
      ffi (~> 1.0, >= 1.0.11)
    chronic (0.10.2)
    climate_control (0.0.3)
      activesupport (>= 3.0)
    cocaine (0.5.7)
      climate_control (>= 0.0.3, < 1.0)
    coderay (1.1.0)
    crass (0.2.1)
    css_parser (1.3.5)
      addressable
    cucumber (1.3.20)
      builder (>= 2.1.2)
      diff-lcs (>= 1.1.3)
      gherkin (~> 2.12)
      multi_json (>= 1.7.5, < 2.0)
      multi_test (>= 0.1.2)
    cucumber-rails (1.4.2)
      capybara (>= 1.1.2, < 3)
      cucumber (>= 1.3.8, < 2)
      mime-types (>= 1.16, < 3)
      nokogiri (~> 1.5)
      rails (>= 3, < 5)
    daemons (1.1.9)
    database_cleaner (1.5.1)
    debug_inspector (0.0.2)
    delayed_job (4.0.6)
      activesupport (>= 3.0, < 5.0)
    delayed_job_active_record (4.0.3)
      activerecord (>= 3.0, < 5.0)
      delayed_job (>= 3.0, < 4.1)
    descriptive_statistics (2.3.0)
    devise (3.3.0)
      bcrypt (~> 3.0)
      orm_adapter (~> 0.1)
      railties (>= 3.2.6, < 5)
      thread_safe (~> 0.1)
      warden (~> 1.2.3)
    diff-lcs (1.2.5)
    ejs (1.1.1)
    email_validator (1.6.0)
      activemodel
    erubis (2.7.0)
    execjs (2.2.1)
    factory_girl (4.5.0)
      activesupport (>= 3.0.0)
    factory_girl_rails (4.5.0)
      factory_girl (~> 4.5.0)
      railties (>= 3.0.0)
    faraday (0.9.2)
      multipart-post (>= 1.2, < 3)
    ffi (1.9.5)
    figaro (1.0.0)
      thor (~> 0.14)
    fontello_rails_converter (0.3.2)
      launchy
      rest-client
      rubyzip (~> 1.0)
    friendly_id (5.0.4)
      activerecord (>= 4.0.0)
    geocoder (1.2.5)
    gherkin (2.12.2)
      multi_json (~> 1.3)
    going_postal (0.1.4)
    gravatar-ultimate (2.0.0)
      activesupport (>= 2.3.14)
      rack
    groupdate (2.3.0)
      activesupport (>= 3)
    hike (1.2.3)
    htmlentities (4.3.2)
    http_accept_language (2.0.2)
    i18n (0.7.0)
    iso_country_codes (0.7.2)
    jbuilder (1.5.3)
      activesupport (>= 3.0.0)
      multi_json (>= 1.2.0)
    jquery-fileupload-rails (0.4.1)
      actionpack (>= 3.1)
      railties (>= 3.1)
    json (1.8.2)
    kgio (2.9.2)
    launchy (2.4.2)
      addressable (~> 2.3)
    mail (2.6.3)
      mime-types (>= 1.16, < 3)
    method_source (0.8.2)
    mime-types (2.6.1)
    mini_portile (0.6.0)
    minitest (5.7.0)
    multi_json (1.11.0)
    multi_test (0.1.2)
    multipart-post (2.0.0)
    mysql2 (0.3.20)
    netrc (0.7.9)
    nokogiri (1.6.3.1)
      mini_portile (= 0.6.0)
    nokogumbo (1.1.12)
      nokogiri
    oauth (0.4.7)
    orm_adapter (0.5.0)
    paperclip (4.2.1)
      activemodel (>= 3.0.0)
      activesupport (>= 3.0.0)
      cocaine (~> 0.5.3)
      mime-types
    pg (0.15.1)
    premailer (1.8.2)
      css_parser (>= 1.3.5)
      htmlentities (>= 4.0.0)
    premailer-rails (1.8.0)
      actionmailer (>= 3, < 5)
      premailer (~> 1.7, >= 1.7.9)
    pry (0.10.1)
      coderay (~> 1.1.0)
      method_source (~> 0.8.1)
      slop (~> 3.4)
    rack (1.5.3)
    rack-test (0.6.3)
      rack (>= 1.0)
    rack-zippy (1.2.1)
    rails (4.1.10)
      actionmailer (= 4.1.10)
      actionpack (= 4.1.10)
      actionview (= 4.1.10)
      activemodel (= 4.1.10)
      activerecord (= 4.1.10)
      activesupport (= 4.1.10)
      bundler (>= 1.3.0, < 2.0)
      railties (= 4.1.10)
      sprockets-rails (~> 2.0)
    rails-assets-EpicEditor (0.2.3)
    rails-assets-backbone (1.1.2)
      rails-assets-underscore (>= 1.5.0)
    rails-assets-backbone-relational (0.9.0)
      rails-assets-backbone (>= 1.1.2)
      rails-assets-underscore (>= 1.5.0)
    rails-assets-bootstrap-daterangepicker (1.3.21)
      rails-assets-jquery (>= 1.10)
      rails-assets-moment (~> 2.9.0)
    rails-assets-bootstrap-sass (3.3.4)
      rails-assets-jquery (>= 1.9.0)
    rails-assets-chartjs (1.0.2)
    rails-assets-congress-images-102x125 (0.1.2)
    rails-assets-html5shiv (3.7.2)
    rails-assets-ionicons (2.0.1)
    rails-assets-jquery (2.1.3)
    rails-assets-jquery-cookie (1.4.1)
      rails-assets-jquery (>= 1.2)
    rails-assets-jquery-sortable (0.9.12)
    rails-assets-jquery-timeago (1.4.1)
      rails-assets-jquery (>= 1.4)
    rails-assets-jquery-ujs (1.0.3)
      rails-assets-jquery (> 1.8)
    rails-assets-lodash (3.7.0)
    rails-assets-moment (2.9.0)
    rails-assets-respond (1.4.2)
    rails-assets-roboto-webfont (0.1.1)
    rails-assets-sweetalert (1.0.1)
    rails-assets-underscore (1.8.3)
    rails-dev-tweaks (1.2.0)
      actionpack (>= 3.1)
      railties (>= 3.1)
    rails_12factor (0.0.2)
      rails_serve_static_assets
      rails_stdout_logging
    rails_serve_static_assets (0.0.2)
    rails_stdout_logging (0.0.3)
    railties (4.1.10)
      actionpack (= 4.1.10)
      activesupport (= 4.1.10)
      rake (>= 0.8.7)
      thor (>= 0.18.1, < 2.0)
    raindrops (0.13.0)
    rake (10.4.2)
    rb-fchange (0.0.6)
      ffi
    rb-fsevent (0.9.4)
    rb-inotify (0.9.5)
      ffi (>= 0.5.0)
    rdoc (4.1.2)
      json (~> 1.4)
    redcarpet (3.1.2)
    referer-parser (0.3.0)
    request_store (1.1.0)
    rest-client (1.7.2)
      mime-types (>= 1.16, < 3.0)
      netrc (~> 0.7)
    rest_client (1.8.1)
      netrc (~> 0.7.7)
    rspec-core (3.3.2)
      rspec-support (~> 3.3.0)
    rspec-expectations (3.3.1)
      diff-lcs (>= 1.2.0, < 2.0)
      rspec-support (~> 3.3.0)
    rspec-mocks (3.3.2)
      diff-lcs (>= 1.2.0, < 2.0)
      rspec-support (~> 3.3.0)
    rspec-rails (3.3.3)
      actionpack (>= 3.0, < 4.3)
      activesupport (>= 3.0, < 4.3)
      railties (>= 3.0, < 4.3)
      rspec-core (~> 3.3.0)
      rspec-expectations (~> 3.3.0)
      rspec-mocks (~> 3.3.0)
      rspec-support (~> 3.3.0)
    rspec-support (3.3.0)
    rubyzip (1.1.6)
    sanitize (3.0.2)
      crass (~> 0.2.0)
      nokogiri (>= 1.4.4)
      nokogumbo (= 1.1.12)
    sass (3.2.19)
    sass-rails (4.0.5)
      railties (>= 4.0.0, < 5.0)
      sass (~> 3.2.2)
      sprockets (~> 2.8, < 3.0)
      sprockets-rails (~> 2.0)
    sdoc (0.4.1)
      json (~> 1.7, >= 1.7.7)
      rdoc (~> 4.0)
    selenium-webdriver (2.48.1)
      childprocess (~> 0.5)
      multi_json (~> 1.0)
      rubyzip (~> 1.0)
      websocket (~> 1.0)
    sentry-raven (0.15.2)
      faraday (>= 0.7.6)
    slop (3.6.0)
    sprockets (2.12.3)
      hike (~> 1.2)
      multi_json (~> 1.0)
      rack (~> 1.0)
      tilt (~> 1.1, != 1.3.0)
    sprockets-image_compressor (0.3.0)
      sprockets
    sprockets-rails (2.3.1)
      actionpack (>= 3.0)
      activesupport (>= 3.0)
      sprockets (>= 2.8, < 4.0)
    thor (0.19.1)
    thread_safe (0.3.5)
    tilt (1.4.1)
    tzinfo (1.2.2)
      thread_safe (~> 0.1)
    uglifier (2.5.3)
      execjs (>= 0.3.0)
      json (>= 1.8.0)
    unicorn (4.8.3)
      kgio (~> 2.6)
      rack
      raindrops (~> 0.7)
    user_agent_parser (2.1.5)
    uuidtools (2.1.5)
    warden (1.2.3)
      rack (>= 1.0)
    webshims-rails (1.15.3)
      rails (> 3.1.0)
    websocket (1.2.2)
    whenever (0.9.2)
      activesupport (>= 2.3.4)
      chronic (>= 0.6.3)
    will_paginate (3.0.7)
    xml-simple (1.1.5)
    xpath (2.0.0)
      nokogiri (~> 1.3)

PLATFORMS
  ruby

DEPENDENCIES
  acts_as_paranoid!
  ahoy_matey
  aws-sdk
  better_errors
  binding_of_caller
  bourbon
  bundler (>= 1.8.4)
  chartkick!
  cucumber-rails
  daemons
  database_cleaner
  delayed_job_active_record
  descriptive_statistics
  devise
  ejs
  email_validator
  factory_girl_rails
  figaro
  fontello_rails_converter
  friendly_id (~> 5.0)
  going_postal
  gravatar-ultimate
  groupdate
  http_accept_language
  iso_country_codes
  jbuilder (~> 1.2)
  jquery-fileupload-rails
  mysql2
  nokogiri
  oauth
  paperclip (~> 4.1)
  pg (= 0.15.1)
  premailer-rails
  pry
  rack-zippy
  rails (~> 4.1.10)
  rails-assets-EpicEditor!
  rails-assets-backbone!
  rails-assets-backbone-relational!
  rails-assets-bootstrap-daterangepicker!
  rails-assets-bootstrap-sass!
  rails-assets-chartjs!
  rails-assets-congress-images-102x125!
  rails-assets-html5shiv!
  rails-assets-ionicons!
  rails-assets-jquery!
  rails-assets-jquery-cookie!
  rails-assets-jquery-sortable!
  rails-assets-jquery-timeago!
  rails-assets-jquery-ujs!
  rails-assets-lodash!
  rails-assets-moment!
  rails-assets-respond!
  rails-assets-roboto-webfont!
  rails-assets-sweetalert!
  rails-dev-tweaks (~> 1.1)
  rails_12factor
  rb-fchange
  rb-fsevent
  rb-inotify
  redcarpet
  rest_client
  rspec-rails (~> 3.0)
  s3_cors_fileupload!
  sanitize
  sass-rails (~> 4.0.0)
  sdoc
  selenium-webdriver
  sentry-raven
  sprockets-image_compressor
  sunlight-congress!
  uglifier (>= 1.3.0)
  unicorn
  webshims-rails
  whenever
  will_paginate (~> 3.0)

BUNDLED WITH
   1.10.6
