GEM
  remote: https://rubygems.org/
  remote: https://rails-assets.org/
  specs:
    actioncable (5.2.4.5)
      actionpack (= 5.2.4.5)
      nio4r (~> 2.0)
      websocket-driver (>= 0.6.1)
    actionmailer (5.2.4.5)
      actionpack (= 5.2.4.5)
      actionview (= 5.2.4.5)
      activejob (= 5.2.4.5)
      mail (~> 2.5, >= 2.5.4)
      rails-dom-testing (~> 2.0)
    actionpack (5.2.4.5)
      actionview (= 5.2.4.5)
      activesupport (= 5.2.4.5)
      rack (~> 2.0, >= 2.0.8)
      rack-test (>= 0.6.3)
      rails-dom-testing (~> 2.0)
      rails-html-sanitizer (~> 1.0, >= 1.0.2)
    actionview (5.2.4.5)
      activesupport (= 5.2.4.5)
      builder (~> 3.1)
      erubi (~> 1.4)
      rails-dom-testing (~> 2.0)
      rails-html-sanitizer (~> 1.0, >= 1.0.3)
    activejob (5.2.4.5)
      activesupport (= 5.2.4.5)
      globalid (>= 0.3.6)
    activemodel (5.2.4.5)
      activesupport (= 5.2.4.5)
    activerecord (5.2.4.5)
      activemodel (= 5.2.4.5)
      activesupport (= 5.2.4.5)
      arel (>= 9.0)
    activerecord-session_store (1.1.3)
      actionpack (>= 4.0)
      activerecord (>= 4.0)
      multi_json (~> 1.11, >= 1.11.2)
      rack (>= 1.5.2, < 3)
      railties (>= 4.0)
    activestorage (5.2.4.5)
      actionpack (= 5.2.4.5)
      activerecord (= 5.2.4.5)
      marcel (~> 0.3.1)
    activesupport (5.2.4.5)
      concurrent-ruby (~> 1.0, >= 1.0.2)
      i18n (>= 0.7, < 2)
      minitest (~> 5.1)
      tzinfo (~> 1.1)
    acts_as_paranoid (0.7.0)
      activerecord (>= 5.2, < 7.0)
      activesupport (>= 5.2, < 7.0)
    addressable (2.7.0)
      public_suffix (>= 2.0.2, < 5.0)
    ahoy_matey (1.6.1)
      addressable
      browser (~> 2.0)
      geocoder
      rack-attack (< 6)
      railties
      referer-parser (>= 0.3.0)
      request_store
      safely_block (>= 0.1.1)
      user_agent_parser
      uuidtools
    apparition (0.6.0)
      capybara (~> 3.13, < 4)
      websocket-driver (>= 0.6.5)
    arel (9.0.0)
    ast (2.4.2)
    autoprefixer-rails (10.2.4.0)
      execjs
    aws-eventstream (1.1.0)
    aws-partitions (1.426.0)
    aws-sdk-core (3.112.0)
      aws-eventstream (~> 1, >= 1.0.2)
      aws-partitions (~> 1, >= 1.239.0)
      aws-sigv4 (~> 1.1)
      jmespath (~> 1.0)
    aws-sdk-kms (1.42.0)
      aws-sdk-core (~> 3, >= 3.112.0)
      aws-sigv4 (~> 1.1)
    aws-sdk-rails (2.1.0)
      aws-sdk-ses (~> 1)
      railties (>= 3)
    aws-sdk-s3 (1.88.0)
      aws-sdk-core (~> 3, >= 3.112.0)
      aws-sdk-kms (~> 1)
      aws-sigv4 (~> 1.1)
    aws-sdk-ses (1.37.0)
      aws-sdk-core (~> 3, >= 3.112.0)
      aws-sigv4 (~> 1.1)
    aws-sigv4 (1.2.2)
      aws-eventstream (~> 1, >= 1.0.2)
    babel-source (5.8.35)
    babel-transpiler (0.7.0)
      babel-source (>= 4.0, < 6)
      execjs (~> 2.0)
    bcrypt (3.1.16)
    better_errors (2.9.1)
      coderay (>= 1.0.0)
      erubi (>= 1.0.0)
      rack (>= 0.9.0)
    binding_of_caller (0.8.0)
      debug_inspector (>= 0.0.1)
    bootstrap-daterangepicker-rails (3.0.4)
      railties (>= 4.0)
    bootstrap-sass (3.4.1)
      autoprefixer-rails (>= 5.2.1)
      sassc (>= 2.0.0)
    bourbon (3.2.4)
      sass (~> 3.2)
      thor
    browser (2.7.1)
    builder (3.2.4)
    byebug (11.1.3)
    capybara (3.35.3)
      addressable
      mini_mime (>= 0.1.3)
      nokogiri (~> 1.8)
      rack (>= 1.6.0)
      rack-test (>= 0.6.3)
      regexp_parser (>= 1.5, < 3.0)
      xpath (~> 3.2)
    chartkick (3.4.2)
    chronic (0.10.2)
    climate_control (0.2.0)
    cocoon (1.2.15)
    coderay (1.1.3)
    concurrent-ruby (1.1.8)
    connection_pool (2.2.3)
    counter_culture (2.7.0)
      activerecord (>= 4.2)
      activesupport (>= 4.2)
    crack (0.4.5)
      rexml
    crass (1.0.6)
    css_parser (1.9.0)
      addressable
    daemons (1.3.1)
    database_cleaner (1.99.0)
    debug_inspector (1.0.0)
    delayed_job (4.1.9)
      activesupport (>= 3.0, < 6.2)
    delayed_job_active_record (4.1.5)
      activerecord (>= 3.0, < 6.2)
      delayed_job (>= 3.0, < 5)
    devise (4.7.3)
      bcrypt (~> 3.0)
      orm_adapter (~> 0.1)
      railties (>= 4.1.0)
      responders
      warden (~> 1.2.3)
    diff-lcs (1.4.4)
    domain_name (0.5.20190701)
      unf (>= 0.0.5, < 1.0.0)
    dotenv (2.7.6)
    dotenv-rails (2.7.6)
      dotenv (= 2.7.6)
      railties (>= 3.2)
    eff_matomo (0.2.4)
      activesupport
      httparty
    ejs (1.1.1)
    email_validator (1.6.0)
      activemodel
    errbase (0.2.1)
    erubi (1.10.0)
    execjs (2.7.0)
    factory_bot (4.11.1)
      activesupport (>= 3.0.0)
    factory_bot_rails (4.11.1)
      factory_bot (~> 4.11.1)
      railties (>= 3.0.0)
    faraday (1.3.0)
      faraday-net_http (~> 1.0)
      multipart-post (>= 1.2, < 3)
      ruby2_keywords
    faraday-net_http (1.0.1)
    fast_inserter (0.1.6)
      activerecord (>= 4.1.0)
    fastly (2.5.3)
    ffi (1.14.2)
    fontello_rails_converter (0.4.6)
      activesupport
      launchy
      rest-client
      rubyzip (~> 1.0)
    friendly_id (5.4.2)
      activerecord (>= 4.0.0)
    geocoder (1.6.5)
    globalid (0.4.2)
      activesupport (>= 4.2.0)
    going_postal (0.1.6)
    gravatar-ultimate (2.0.0)
      activesupport (>= 2.3.14)
      rack
    groupdate (2.5.3)
      activesupport (>= 3)
    hashdiff (1.0.1)
    htmlentities (4.3.4)
    http-accept (1.7.0)
    http-cookie (1.0.3)
      domain_name (~> 0.5)
    http_accept_language (2.1.1)
    httparty (0.18.1)
      mime-types (~> 3.0)
      multi_xml (>= 0.5.2)
    i18n (1.8.9)
      concurrent-ruby (~> 1.0)
    invisible_captcha (0.13.0)
      rails (>= 3.2.0)
    iso_country_codes (0.7.8)
    jbuilder (2.11.2)
      activesupport (>= 5.0.0)
    jmespath (1.4.0)
    kt-paperclip (6.4.1)
      activemodel (>= 4.2.0)
      activesupport (>= 4.2.0)
      mime-types
      mimemagic (~> 0.3.0)
      terrapin (~> 0.6.0)
    launchy (2.5.0)
      addressable (~> 2.7)
    loofah (2.9.0)
      crass (~> 1.0.2)
      nokogiri (>= 1.5.9)
    mail (2.7.1)
      mini_mime (>= 0.1.1)
    marcel (0.3.3)
      mimemagic (~> 0.3.2)
    method_source (1.0.0)
    mime-types (3.3.1)
      mime-types-data (~> 3.2015)
    mime-types-data (3.2020.1104)
    mimemagic (0.3.10)
      nokogiri (~> 1)
      rake
    mini_mime (1.0.2)
    mini_portile2 (2.5.0)
    minitest (5.14.4)
    multi_json (1.15.0)
    multi_xml (0.6.0)
    multipart-post (2.1.1)
    netrc (0.11.0)
    nio4r (2.5.5)
    nokogiri (1.11.1)
      mini_portile2 (~> 2.5.0)
      racc (~> 1.4)
    nokogumbo (1.5.0)
      nokogiri
    oauth (0.5.5)
    orm_adapter (0.5.0)
    parallel (1.20.1)
    parser (3.0.0.0)
      ast (~> 2.4.1)
    pg (1.2.3)
    pg_search (2.3.0)
      activerecord (>= 4.2)
      activesupport (>= 4.2)
    premailer (1.14.2)
      addressable
      css_parser (>= 1.6.0)
      htmlentities (>= 4.0.0)
    premailer-rails (1.11.1)
      actionmailer (>= 3)
      premailer (~> 1.7, >= 1.7.9)
    public_suffix (4.0.6)
    puma (3.12.6)
    racc (1.5.2)
    rack (2.2.3)
    rack-attack (5.4.2)
      rack (>= 1.0, < 3)
    rack-test (1.1.0)
      rack (>= 1.0, < 3)
    rails (5.2.4.5)
      actioncable (= 5.2.4.5)
      actionmailer (= 5.2.4.5)
      actionpack (= 5.2.4.5)
      actionview (= 5.2.4.5)
      activejob (= 5.2.4.5)
      activemodel (= 5.2.4.5)
      activerecord (= 5.2.4.5)
      activestorage (= 5.2.4.5)
      activesupport (= 5.2.4.5)
      bundler (>= 1.3.0)
      railties (= 5.2.4.5)
      sprockets-rails (>= 2.0.0)
    rails-assets-EpicEditor (0.2.3)
    rails-assets-chartjs (2.8.0)
    rails-assets-congress-images-102x125 (0.1.2)
    rails-assets-html5shiv (3.7.2)
    rails-assets-ionicons (2.0.1)
    rails-assets-jquery (2.1.3)
    rails-assets-jquery-cookie (1.4.1)
      rails-assets-jquery (>= 1.2)
    rails-assets-jquery-timeago (1.6.7)
      rails-assets-jquery (>= 1.4)
    rails-assets-jquery-ujs (1.0.3)
      rails-assets-jquery (> 1.8)
    rails-assets-lodash (3.7.0)
    rails-assets-moment (2.9.0)
    rails-assets-respond (1.4.2)
    rails-assets-roboto-webfont (0.1.1)
    rails-assets-sweetalert (1.0.1)
    rails-controller-testing (1.0.5)
      actionpack (>= 5.0.1.rc1)
      actionview (>= 5.0.1.rc1)
      activesupport (>= 5.0.1.rc1)
    rails-dev-tweaks (1.2.0)
      actionpack (>= 3.1)
      railties (>= 3.1)
    rails-dom-testing (2.0.3)
      activesupport (>= 4.2.0)
      nokogiri (>= 1.6)
    rails-html-sanitizer (1.3.0)
      loofah (~> 2.3)
    rails_response_headers (0.2.0)
    railties (5.2.4.5)
      actionpack (= 5.2.4.5)
      activesupport (= 5.2.4.5)
      method_source
      rake (>= 0.8.7)
      thor (>= 0.19.0, < 2.0)
    rainbow (3.0.0)
    rake (13.0.3)
    rb-fchange (0.0.6)
      ffi
    rb-fsevent (0.10.4)
    rb-inotify (0.10.1)
      ffi (~> 1.0)
    rdoc (6.3.0)
    react-rails (1.11.0)
      babel-transpiler (>= 0.7.0)
      connection_pool
      execjs
      railties (>= 3.2)
      tilt
    redcarpet (3.5.1)
    referer-parser (0.3.0)
    regexp_parser (2.0.3)
    request_store (1.5.0)
      rack (>= 1.4)
    responders (3.0.1)
      actionpack (>= 5.0)
      railties (>= 5.0)
    rest-client (2.1.0)
      http-accept (>= 1.7.0, < 2.0)
      http-cookie (>= 1.0.2, < 2.0)
      mime-types (>= 1.16, < 4.0)
      netrc (~> 0.8)
    rexml (3.2.4)
    rspec-core (3.9.3)
      rspec-support (~> 3.9.3)
    rspec-expectations (3.9.4)
      diff-lcs (>= 1.2.0, < 2.0)
      rspec-support (~> 3.9.0)
    rspec-mocks (3.9.1)
      diff-lcs (>= 1.2.0, < 2.0)
      rspec-support (~> 3.9.0)
    rspec-rails (3.9.1)
      actionpack (>= 3.0)
      activesupport (>= 3.0)
      railties (>= 3.0)
      rspec-core (~> 3.9.0)
      rspec-expectations (~> 3.9.0)
      rspec-mocks (~> 3.9.0)
      rspec-support (~> 3.9.0)
    rspec-support (3.9.4)
    rubocop (1.6.1)
      parallel (~> 1.10)
      parser (>= 2.7.1.5)
      rainbow (>= 2.2.2, < 4.0)
      regexp_parser (>= 1.8, < 3.0)
      rexml
      rubocop-ast (>= 1.2.0, < 2.0)
      ruby-progressbar (~> 1.7)
      unicode-display_width (>= 1.4.0, < 2.0)
    rubocop-ast (1.4.1)
      parser (>= 2.7.1.5)
    rubocop-github (0.16.1)
      rubocop (<= 1.6.1)
      rubocop-performance (<= 1.7.1)
      rubocop-rails (<= 2.7.1)
    rubocop-performance (1.7.1)
      rubocop (>= 0.82.0)
    rubocop-rails (2.7.1)
      activesupport (>= 4.2.0)
      rack (>= 1.1)
      rubocop (>= 0.87.0)
    ruby-progressbar (1.11.0)
    ruby2_keywords (0.0.4)
    rubyzip (1.3.0)
    safely_block (0.3.0)
      errbase (>= 0.1.1)
    sanitize (4.6.6)
      crass (~> 1.0.2)
      nokogiri (>= 1.4.4)
      nokogumbo (~> 1.4)
    sass (3.7.4)
      sass-listen (~> 4.0.0)
    sass-listen (4.0.0)
      rb-fsevent (~> 0.9, >= 0.9.4)
      rb-inotify (~> 0.9, >= 0.9.7)
    sass-rails (5.0.7)
      railties (>= 4.0.0, < 6)
      sass (~> 3.1)
      sprockets (>= 2.8, < 4.0)
      sprockets-rails (>= 2.0, < 4.0)
      tilt (>= 1.1, < 3)
    sassc (2.4.0)
      ffi (~> 1.9)
    sdoc (2.0.3)
      rdoc (>= 5.0)
    select2-rails (4.0.13)
    sentry-raven (0.15.6)
      faraday (>= 0.7.6)
    sprockets (3.7.2)
      concurrent-ruby (~> 1.0)
      rack (> 1, < 3)
    sprockets-rails (3.2.2)
      actionpack (>= 4.0)
      activesupport (>= 4.0)
      sprockets (>= 3.0.0)
    terrapin (0.6.0)
      climate_control (>= 0.0.3, < 1.0)
    thor (1.1.0)
    thread_safe (0.3.6)
    tilt (2.0.10)
    tzinfo (1.2.9)
      thread_safe (~> 0.1)
    uglifier (4.2.0)
      execjs (>= 0.3.0, < 3)
    unf (0.1.4)
      unf_ext
    unf_ext (0.0.7.7)
    unicode-display_width (1.7.0)
    user_agent_parser (2.7.0)
    uuidtools (2.2.0)
    warden (1.2.4)
      rack (>= 1.0)
    webmock (3.11.2)
      addressable (>= 2.3.6)
      crack (>= 0.3.2)
      hashdiff (>= 0.4.0, < 2.0.0)
    webrick (1.7.0)
    websocket-driver (0.7.3)
      websocket-extensions (>= 0.1.0)
    websocket-extensions (0.1.5)
    whenever (0.11.0)
      chronic (>= 0.6.3)
    will_paginate (3.3.0)
    xmlrpc (0.3.2)
      webrick
    xpath (3.2.0)
      nokogiri (~> 1.8)

PLATFORMS
  ruby

DEPENDENCIES
  activerecord-session_store (~> 1)
  acts_as_paranoid (~> 0.7)
  ahoy_matey (~> 1.6)
  apparition (~> 0.6)
  aws-sdk-rails (~> 2)
  aws-sdk-s3 (~> 1)
  better_errors (~> 2)
  binding_of_caller (~> 0)
  bootstrap-daterangepicker-rails (~> 3)
  bootstrap-sass (~> 3.4)
  bourbon (~> 3)
  bundler (>= 1.8.4)
  byebug
  capybara (~> 3)
  chartkick (~> 3)
  cocoon (~> 1)
  counter_culture (~> 2.0)
  daemons (~> 1)
  database_cleaner (~> 1)
  delayed_job_active_record (~> 4)
  devise (~> 4.7)
  dotenv-rails (~> 2)
  eff_matomo (~> 0.2.4)
  ejs (~> 1)
  email_validator (~> 1)
  factory_bot_rails (~> 4)
  fast_inserter (~> 0.1)
  fastly (~> 2)
  fontello_rails_converter (~> 0)
  friendly_id (~> 5.0)
  going_postal (~> 0)
  gravatar-ultimate (~> 2)
  groupdate (~> 2)
  http_accept_language (~> 2)
  invisible_captcha (~> 0)
  iso_country_codes (~> 0)
  jbuilder (~> 2)
  kt-paperclip (~> 6)
  nokogiri (~> 1)
  oauth (~> 0)
  pg (~> 1.1)
  pg_search (~> 2)
  premailer-rails (~> 1)
  puma (~> 3)
  rack-attack (~> 5)
  rails (~> 5)
  rails-assets-EpicEditor (~> 0)!
  rails-assets-chartjs (~> 2)!
  rails-assets-congress-images-102x125!
  rails-assets-html5shiv (= 3.7.2)!
  rails-assets-ionicons (~> 2)!
  rails-assets-jquery (= 2.1.3)!
  rails-assets-jquery-cookie (~> 1)!
  rails-assets-jquery-timeago (~> 1)!
  rails-assets-jquery-ujs (= 1.0.3)!
  rails-assets-lodash (= 3.7.0)!
  rails-assets-moment (= 2.9.0)!
  rails-assets-respond (~> 1)!
  rails-assets-roboto-webfont (~> 0)!
  rails-assets-sweetalert (= 1.0.1)!
  rails-controller-testing
  rails-dev-tweaks (~> 1.1)
  rails_response_headers (~> 0.2)
  rb-fchange (~> 0)
  rb-fsevent (~> 0)
  rb-inotify (~> 0)
  react-rails (~> 1)
  redcarpet (~> 3)
  rest-client (~> 2)
  rspec-core (~> 3)
  rspec-rails (~> 3)
  rubocop
  rubocop-github (~> 0.16)
  rubocop-performance
  rubocop-rails
  sanitize (~> 4)
  sass-rails (< 5.1)
  sdoc
  select2-rails
  sentry-raven (~> 0.15)
  uglifier (>= 1.3.0)
  webmock (~> 3)
  whenever (~> 0)
  will_paginate (~> 3.0)
  xmlrpc (~> 0.3)

BUNDLED WITH
   2.1.4
